PATH
  remote: .
  specs:
    cryptocompareapi (0.1.0)
      httparty (= 0.13.7)

GEM
  remote: https://rubygems.org/
  specs:
    httparty (0.13.7)
      json (~> 1.8)
      multi_xml (>= 0.5.2)
    json (1.8.6)
    minitest (5.11.3)
    multi_xml (0.6.0)
    rake (10.5.0)

PLATFORMS
  ruby

DEPENDENCIES
  bundler (~> 1.16)
  cryptocompareapi!
  minitest (~> 5.0)
  rake (~> 10.0)

BUNDLED WITH
   1.16.1
